GEM
  remote: https://rubygems.org/
  specs:
    ffi (1.10.0-x64-mingw32)
    flamegraph (0.9.5)
    narray (0.6.1.2)
    narray_ffi (1.4.4)
      ffi (~> 1.9, >= 1.9.3)
      narray (~> 0.6, >= 0.6.0.8)
    opencl_ruby_ffi (1.3.4)
      ffi (~> 1.9, >= 1.9.3)
      narray (~> 0.6, >= 0.6.0.8)
      narray_ffi (~> 1.0, >= 1.0.0)

PLATFORMS
  x64-mingw32

DEPENDENCIES
  flamegraph
  narray_ffi
  opencl_ruby_ffi

BUNDLED WITH
   1.17.2
